GEM
  remote: http://rubygems.org/
  specs:
    addressable (2.2.6)
    backports (2.3.0)
    couchrest (1.1.2)
      mime-types (~> 1.15)
      multi_json (~> 1.0.0)
      rest-client (~> 1.6.1)
    curb (0.8.0)
    daemons (1.1.8)
    dropbox-api (0.2.0)
      hashie
      oauth
      yajl-ruby
    eventmachine (0.12.10)
    faraday (0.7.6)
      addressable (~> 2.2)
      multipart-post (~> 1.1)
      rack (~> 1.1)
    faraday_middleware (0.8.4)
      faraday (>= 0.7.4, < 0.9)
    flickr_oauth (0.0.2)
      faraday (>= 0.7)
      faraday_middleware (>= 0.7.0.rc1)
      mime-types
      multi_json
      multi_xml
      multipart-post
      simple_oauth
    haml (3.1.4)
    hashie (1.2.0)
    iron_worker (2.3.12)
      bundler
      bundler
      rest
      rest
      rest-client
      rest-client
      zip
      zip
    mime-types (1.17.2)
    multi_json (1.0.4)
    multi_xml (0.4.1)
    multipart-post (1.1.4)
    oauth (0.4.5)
    oauth2 (0.5.2)
      faraday (~> 0.7)
      multi_json (~> 1.0)
    omniauth (1.0.2)
      hashie (~> 1.2)
      rack
    omniauth-dropbox (0.2.0)
      omniauth-oauth (~> 1.0)
    omniauth-facebook (1.2.0)
      omniauth-oauth2 (~> 1.0.0)
    omniauth-flickr (0.0.9)
      omniauth-oauth (~> 1.0)
    omniauth-meetup (0.0.2)
      omniauth (~> 1.0)
      omniauth-oauth2 (~> 1.0)
    omniauth-oauth (1.0.0)
      oauth
      omniauth (~> 1.0)
    omniauth-oauth2 (1.0.0)
      oauth2 (~> 0.5.0)
      omniauth (~> 1.0)
    rack (1.4.1)
    rack-protection (1.2.0)
      rack
    rack-test (0.6.1)
      rack (>= 1.0)
    rdiscount (1.6.8)
    rest (0.1.0)
      rest-client
      rest-client
    rest-client (1.6.7)
      mime-types (>= 1.16)
    sass (3.1.14)
    simple_oauth (0.1.5)
    sinatra (1.3.2)
      rack (~> 1.3, >= 1.3.6)
      rack-protection (~> 1.2)
      tilt (~> 1.3, >= 1.3.3)
    sinatra-contrib (1.3.1)
      backports (>= 2.0)
      eventmachine
      rack-protection
      rack-test
      sinatra (~> 1.3.0)
      tilt (~> 1.3)
    sinatra-flash (0.3.0)
      sinatra (>= 1.0.0)
    sinatra-support (1.2.2)
      sinatra (>= 1.0)
    thin (1.3.1)
      daemons (>= 1.0.9)
      eventmachine (>= 0.12.6)
      rack (>= 1.0.0)
    tilt (1.3.3)
    yajl-ruby (1.1.0)
    zip (2.0.2)

PLATFORMS
  ruby

DEPENDENCIES
  couchrest
  curb
  dropbox-api
  faraday_middleware
  flickr_oauth
  haml
  iron_worker
  multi_json
  omniauth
  omniauth-dropbox
  omniauth-facebook
  omniauth-flickr
  omniauth-meetup
  rdiscount
  sass
  sinatra (= 1.3.2)
  sinatra-contrib
  sinatra-flash
  sinatra-support
  thin
  yajl-ruby
